GEM
  remote: http://rubygems.org/
  specs:
    addressable (2.2.2)
    bitly (0.6.0)
      crack (>= 0.1.4)
      httparty (>= 0.5.2)
      oauth2
    coderay (0.8.357)
    crack (0.3.1)
    curb (0.7.8)
    faraday (0.4.6)
      addressable (>= 2.1.1)
      rack (>= 1.0.1)
    httparty (0.8.2)
      multi_json
      multi_xml
    json (1.4.6)
    kgio (2.7.4)
    mime-types (1.16)
    multi_json (0.0.5)
    multi_xml (0.4.4)
    mustache (0.11.2)
    oauth2 (0.0.13)
      faraday (~> 0.4.1)
      multi_json (>= 0.0.4)
    rack (1.2.1)
    raindrops (0.8.0)
    rest-client (1.5.1)
      mime-types (>= 1.16)
    settingslogic (2.0.8)
    shotgun (0.8)
      rack (>= 1.0)
    sinatra (1.1.0)
      rack (~> 1.1)
      tilt (~> 1.1)
    sinatra_auth_github (0.0.11)
      rest-client (~> 1.5.1)
      sinatra (~> 1.0)
      warden-github (~> 0.0.5)
    tilt (1.1)
    unicorn (4.3.0)
      kgio (~> 2.6)
      rack
      raindrops (~> 0.7)
    warden (0.10.7)
      rack (>= 1.0.0)
    warden-github (0.0.6)
      json (>= 1.0.0)
      oauth2 (~> 0.0.8)
      warden (~> 0.10)
    yajl-ruby (0.7.8)

PLATFORMS
  ruby

DEPENDENCIES
  bitly
  coderay (~> 0.8.357)
  curb (~> 0.7.8)
  mustache (~> 0.11.2)
  settingslogic
  shotgun
  sinatra (~> 1.0)
  sinatra_auth_github
  unicorn
  yajl-ruby (~> 0.7.8)
